GEM
  remote: https://rubygems.org/
  specs:
    activesupport (5.0.0.1)
      concurrent-ruby (~> 1.0, >= 1.0.2)
      i18n (~> 0.7)
      minitest (~> 5.1)
      tzinfo (~> 1.1)
    concurrent-ruby (1.0.2)
    i18n (0.7.0)
    jira-ruby (1.1.2)
      activesupport
      oauth (~> 0.5, >= 0.5.0)
    minitest (5.9.1)
    oauth (0.5.1)
    thread_safe (0.3.5)
    tzinfo (1.2.2)
      thread_safe (~> 0.1)

PLATFORMS
  ruby

DEPENDENCIES
  jira-ruby

BUNDLED WITH
   1.13.6
